GEM
  remote: https://rubygems.org/
  specs:
    backports (3.24.1)
    connection_pool (2.4.1)
    dalli (3.2.0)
    foreman (0.87.2)
    kgio (2.11.4)
    multi_json (1.15.0)
    mysql2 (0.5.6)
    mysql2-cs-bind (0.1.1)
      mysql2
    rack (1.6.13)
    rack-flash3 (1.0.5)
      rack
    rack-protection (1.5.5)
      rack
    rack-test (2.1.0)
      rack (>= 1.3)
    raindrops (0.20.1)
    sinatra (1.4.8)
      rack (~> 1.5)
      rack-protection (~> 1.4)
      tilt (>= 1.3, < 3)
    sinatra-contrib (1.4.7)
      backports (>= 2.0)
      multi_json
      rack-protection
      rack-test
      sinatra (~> 1.4.0)
      tilt (>= 1.3, < 3)
    tilt (2.3.0)
    unicorn (6.1.0)
      kgio (~> 2.6)
      raindrops (~> 0.7)

PLATFORMS
  aarch64-linux
  x86_64-darwin-21
  x86_64-linux

DEPENDENCIES
  connection_pool
  dalli
  foreman
  mysql2
  mysql2-cs-bind
  rack
  rack-flash3
  sinatra
  sinatra-contrib
  unicorn

BUNDLED WITH
   2.3.26
